GEM
  remote: https://rubygems.org/
  specs:
    faraday (0.8.8)
      multipart-post (~> 1.2.0)
    faraday_middleware (0.9.0)
      faraday (>= 0.7.4, < 0.9)
    hashie (2.0.5)
    kickscraper (0.1.1)
      faraday (>= 0.7, < 0.9)
      faraday_middleware (~> 0.8)
      hashie (~> 2)
      multi_json (~> 1.0, >= 1.0.3)
      uri-query_params
    multi_json (1.7.9)
    multipart-post (1.2.0)
    rack (1.5.2)
    rack-protection (1.5.0)
      rack
    rake (10.1.0)
    sinatra (1.4.3)
      rack (~> 1.4)
      rack-protection (~> 1.4)
      tilt (~> 1.3, >= 1.3.4)
    tilt (1.4.1)
    uri-query_params (0.7.0)

PLATFORMS
  ruby

DEPENDENCIES
  kickscraper
  rake
  sinatra
